RESTRICTION: == net472
NUGET
  remote: https://api.nuget.org/v3/index.json
    Colorful.Console (1.2.9)
    FSharp.Core (4.5.2)
    GenbankTypeProvider (1.0.1)
      Colorful.Console
      FSharp.Core
      NetBio.Core (3.0.0-alpha)
      System.ValueTuple (4.4)
    NetBio.Core (3.0.0-alpha)
    System.ValueTuple (4.4)
